GEM
  remote: https://rubygems.org/
  specs:
    colorize (0.8.1)
    remedy (0.2.0)

PLATFORMS
  ruby

DEPENDENCIES
  colorize
  remedy

BUNDLED WITH
   2.0.1
