GEM
  remote: https://rubygems.org/
  specs:
    remedy (0.2.0)

PLATFORMS
  ruby

DEPENDENCIES
  remedy

BUNDLED WITH
   2.0.1
